PATH
  remote: .
  specs:
    boom (0.3.0)
      dropbox-sdk (~> 1.5.1)
      json (~> 1.7.7)
      oauth (~> 0.4.7)
      yajl-ruby (~> 1.1.0)

GEM
  remote: http://rubygems.org/
  specs:
    dropbox-sdk (1.5.1)
      json
    json (1.7.7)
    mocha (0.9.12)
    oauth (0.4.7)
    rake (0.9.6)
    yajl-ruby (1.1.0)

PLATFORMS
  ruby

DEPENDENCIES
  boom!
  mocha (~> 0.9.9)
  rake (~> 0.9.2)
